GIT
  remote: git://github.com/lostisland/faraday.git
  revision: 7ee49ebff2714364cf715af29ab0943cd28e53c2
  specs:
    faraday (0.9.0.rc5)
      multipart-post (~> 1.1)

GEM
  remote: https://rubygems.org/
  specs:
    activesupport (4.0.0)
      i18n (~> 0.6, >= 0.6.4)
      minitest (~> 4.2)
      multi_json (~> 1.3)
      thread_safe (~> 0.1)
      tzinfo (~> 0.3.37)
    atomic (1.1.10)
    diff-lcs (1.2.4)
    faraday_middleware (0.9.0)
      faraday (>= 0.7.4, < 0.9)
    httpclient (2.3.3)
    i18n (0.6.4)
    mime-types (1.23)
    minitest (4.7.5)
    multi_json (1.7.7)
    multipart-post (1.2.0)
    rspec (2.13.0)
      rspec-core (~> 2.13.0)
      rspec-expectations (~> 2.13.0)
      rspec-mocks (~> 2.13.0)
    rspec-core (2.13.1)
    rspec-expectations (2.13.0)
      diff-lcs (>= 1.1.3, < 2.0)
    rspec-mocks (2.13.1)
    ruby-opencv (0.0.9)
    thread_safe (0.1.0)
      atomic
    tzinfo (0.3.37)

PLATFORMS
  ruby

DEPENDENCIES
  activesupport
  faraday!
  faraday_middleware
  httpclient
  mime-types
  rspec
  ruby-opencv
